PATH
  remote: .
  specs:
    shadowsocks (0.12)
      eventmachine (~> 1.0.3)
      ffi (~> 1.9.0)
      json (~> 1.8.0)

GEM
  remote: http://rubygems.org/
  specs:
    eventmachine (1.0.7)
    ffi (1.9.8)
    ipaddress (0.8.0)
    json (1.8.2)
    metaclass (0.0.2)
    mocha (1.0.0)
      metaclass (~> 0.0.1)
    rake (10.1.0)
    rake-compiler (0.9.2)
      rake

PLATFORMS
  ruby

DEPENDENCIES
  ipaddress (~> 0.8.0)
  mocha (~> 1.0.0)
  rake
  rake-compiler (~> 0.9.2)
  shadowsocks!
